PATH
  remote: .
  specs:
    rb-gust (0.0.3)
      active_support (>= 2.0)
      spreadsheet (>= 0.7)

GEM
  remote: https://rubygems.org/
  specs:
    active_support (3.0.0)
      activesupport (= 3.0.0)
    activesupport (3.0.0)
    coderay (1.0.9)
    diff-lcs (1.2.4)
    method_source (0.8.1)
    pry (0.9.12.2)
      coderay (~> 1.0.5)
      method_source (~> 0.8)
      slop (~> 3.4)
    rspec (2.13.0)
      rspec-core (~> 2.13.0)
      rspec-expectations (~> 2.13.0)
      rspec-mocks (~> 2.13.0)
    rspec-core (2.13.1)
    rspec-expectations (2.13.0)
      diff-lcs (>= 1.1.3, < 2.0)
    rspec-mocks (2.13.1)
    ruby-ole (1.2.11.6)
    slop (3.4.5)
    spreadsheet (0.8.5)
      ruby-ole (>= 1.0)

PLATFORMS
  ruby

DEPENDENCIES
  pry
  rb-gust!
  rspec (>= 2.0)
